GEM
  remote: https://rubygems.org/
  specs:
    rack (2.2.12)

PLATFORMS
  aarch64-linux
  arm64-darwin
  ruby
  x86_64-darwin
  x86_64-linux

DEPENDENCIES

BUNDLED WITH
   2.5.23
